GEM
  remote: https://rubygems.org/
  specs:
    CFPropertyList (2.3.6)
    bacon (1.2.0)
    claide (1.0.2)
    colored2 (3.1.2)
    metaclass (0.0.4)
    mocha (1.3.0)
      metaclass (~> 0.0.1)
    mocha-on-bacon (0.2.3)
      mocha (>= 0.13.0)
    nanaimo (0.2.3)
    prettybacon (0.0.2)
      bacon (~> 1.2)
    rake (12.0.0)
    xcodeproj (1.5.3)
      CFPropertyList (~> 2.3.3)
      claide (>= 1.0.2, < 2.0)
      colored2 (~> 3.1)
      nanaimo (~> 0.2.3)

PLATFORMS
  ruby

DEPENDENCIES
  bacon
  mocha
  mocha-on-bacon
  prettybacon
  rake
  xcodeproj

BUNDLED WITH
   1.16.0
